GEM
  remote: http://rubygems.org/
  specs:
    activesupport (3.2.2)
      i18n (~> 0.6)
      multi_json (~> 1.0)
    addressable (2.2.7)
    clockwork (0.3.4)
    faraday (0.7.6)
      addressable (~> 2.2)
      multipart-post (~> 1.1)
      rack (~> 1.1)
    i18n (0.6.0)
    json (1.6.5)
    multi_json (1.1.0)
    multipart-post (1.1.5)
    rack (1.4.1)
    redis (2.2.2)
    simple_oauth (0.1.5)
    twitter (2.1.1)
      activesupport (>= 2.3.9, < 4)
      faraday (~> 0.7)
      multi_json (~> 1.0)
      simple_oauth (~> 0.1)

PLATFORMS
  ruby

DEPENDENCIES
  clockwork
  json
  redis
  twitter
